FRAMEWORK: NET452
NUGET
  remote: https://www.nuget.org/api/v2
    CommandLineParser (1.9.71)
    Microsoft.CodeAnalysis.Analyzers (1.1)
    Microsoft.CodeAnalysis.Common (1.3.2)
      Microsoft.CodeAnalysis.Analyzers (>= 1.1)
      System.Collections.Immutable (>= 1.1.37)
      System.Reflection.Metadata (>= 1.2)
    Microsoft.CodeAnalysis.CSharp (1.3.2)
      Microsoft.CodeAnalysis.Common (1.3.2)
    morelinq (2.2)
    NFluent (1.3.1)
    NUnit (3.6.1)
    System.Collections.Immutable (1.3.1)
    System.Reflection.Metadata (1.4.2)
      System.Collections.Immutable (>= 1.3.1)

GROUP Build
NUGET
  remote: https://www.nuget.org/api/v2
    FAKE (4.52)
    ilmerge (2.14.1208)
